GEM
  remote: http://rubygems.org/
  specs:
    hologram (1.4.0)
      redcarpet (>= 2.2, < 4.0)
      rouge (>= 1.5)
    rake (11.1.2)
    redcarpet (3.5.1)
    rouge (1.10.1)
    sass (3.4.22)
    scss_lint (0.48.0)
      rake (>= 0.9, < 12)
      sass (~> 3.4.15)

PLATFORMS
  ruby
  x64-mingw32

DEPENDENCIES
  hologram
  scss_lint

BUNDLED WITH
   1.11.2
